GIT
  remote: https://github.com/UNC-Libraries/sierra-postgres-utilities.git
  revision: 488e4ba3b0d2628db798393692523b2ce3c26038
  specs:
    sierra_postgres_utilities (0.3.1)
      i18n (~> 1.6.0)
      mail (~> 2.6)
      marc (~> 1.0)
      pg (~> 1.1)
      sequel (~> 5.20.0)

GIT
  remote: https://github.com/ldss-jm/global-update-command-writer-iii-doesnt-want-you-to-know-about.git
  revision: ba3d9ff455722a712c5c900aeff13652c245f463
  specs:
    global_update_command_writer_iii_doesnt_want_you_to_know_about (1.0.0)

GEM
  remote: https://rubygems.org/
  specs:
    concurrent-ruby (1.1.5)
    diff-lcs (1.3)
    i18n (1.6.0)
      concurrent-ruby (~> 1.0)
    mail (2.7.1)
      mini_mime (>= 0.1.1)
    marc (1.0.4)
      scrub_rb (>= 1.0.1, < 2)
      unf
    mini_mime (1.0.2)
    pg (1.1.4-x64-mingw32)
    rspec (3.8.0)
      rspec-core (~> 3.8.0)
      rspec-expectations (~> 3.8.0)
      rspec-mocks (~> 3.8.0)
    rspec-core (3.8.2)
      rspec-support (~> 3.8.0)
    rspec-expectations (3.8.4)
      diff-lcs (>= 1.2.0, < 2.0)
      rspec-support (~> 3.8.0)
    rspec-mocks (3.8.1)
      diff-lcs (>= 1.2.0, < 2.0)
      rspec-support (~> 3.8.0)
    rspec-support (3.8.2)
    scrub_rb (1.0.1)
    sequel (5.20.0)
    unf (0.1.4)
      unf_ext
    unf_ext (0.0.7.6)

PLATFORMS
  x64-mingw32

DEPENDENCIES
  bundler (~> 2.0)
  global_update_command_writer_iii_doesnt_want_you_to_know_about!
  marc (~> 1.0)
  rspec (~> 3.0)
  sierra_postgres_utilities!

BUNDLED WITH
   2.0.2
